GIT
  remote: https://github.com/hotchpotch/mecab-ruby-gem.git
  revision: acd9de7ca01ffd41fd6714497b1258c455e02d73
  specs:
    mecab-ruby (0.99)

GEM
  remote: https://rubygems.org/
  specs:
    archive-zip (0.6.0)
      io-like (>= 0.3.0)
    args_parser (0.1.6)
    faraday (0.8.7)
      multipart-post (~> 1.1)
    fast_blank (0.0.1)
      rake
      rake-compiler
    hashie (1.2.0)
    io-like (0.3.0)
    json (1.8.0)
    macaddr (1.6.1)
      systemu (~> 2.5.0)
    moji (1.6)
    mojinizer (0.1.1)
      moji (~> 1.6)
    multi_json (1.7.7)
    multipart-post (1.2.0)
    oauth (0.4.7)
    parallel (0.7.1)
    pkg-config (1.1.4)
    rack (1.5.2)
    rack-protection (1.5.0)
      rack
    rainbow (1.1.4)
    rake (10.0.4)
    rake-compiler (0.8.3)
      rake
    rroonga (3.0.2)
      archive-zip
      json
      pkg-config
    simple_oauth (0.2.0)
    sinatra (1.4.3)
      rack (~> 1.4)
      rack-protection (~> 1.4)
      tilt (~> 1.3, >= 1.3.4)
    systemu (2.5.2)
    tilt (1.4.1)
    tw (0.4.2)
      args_parser (>= 0.1.4)
      json (>= 1.7.0)
      parallel (>= 0.6.0)
      rainbow (>= 1.1.4)
      twitter (>= 4.4.0)
      userstream (>= 1.2.0)
    twitter (4.8.1)
      faraday (~> 0.8, < 0.10)
      multi_json (~> 1.0)
      simple_oauth (~> 0.2)
    userstream (1.3.0)
      hashie (~> 1.2.0)
      oauth (~> 0.4.7)
      yajl-ruby (~> 1.1.0)
    uuid (2.3.7)
      macaddr (~> 1.0)
    yajl-ruby (1.1.0)

PLATFORMS
  ruby

DEPENDENCIES
  fast_blank
  mecab-ruby!
  mojinizer
  rroonga
  sinatra
  tw
  uuid
